GEM
  remote: https://rubygems.org/
  specs:
    activesupport (7.1.5)
      base64
      benchmark (>= 0.3)
      bigdecimal
      concurrent-ruby (~> 1.0, >= 1.0.2)
      connection_pool (>= 2.2.5)
      drb
      i18n (>= 1.6, < 2)
      logger (>= 1.4.2)
      minitest (>= 5.1)
      mutex_m
      securerandom (>= 0.3)
      tzinfo (~> 2.0)
    addressable (2.8.6)
      public_suffix (>= 2.0.2, < 6.0)
    base64 (0.2.0)
    benchmark (0.4.0)
    bigdecimal (3.1.8)
    colorator (1.1.0)
    concurrent-ruby (1.2.3)
    connection_pool (2.4.1)
    csv (3.3.0)
    drb (2.2.1)
    em-websocket (0.5.3)
      eventmachine (>= 0.12.9)
      http_parser.rb (~> 0)
    eventmachine (1.2.7)
    faraday (2.12.1)
      faraday-net_http (>= 2.0, < 3.5)
      json
      logger
    faraday-net_http (3.4.0)
      net-http (>= 0.5.0)
    faraday-retry (2.2.1)
      faraday (~> 2.0)
    ffi (1.16.3)
    forwardable-extended (2.6.0)
    gemoji (4.1.0)
    google-protobuf (4.26.1)
      rake (>= 13)
    google-protobuf (4.26.1-aarch64-linux)
      rake (>= 13)
    google-protobuf (4.26.1-arm64-darwin)
      rake (>= 13)
    google-protobuf (4.26.1-x86-linux)
      rake (>= 13)
    google-protobuf (4.26.1-x86_64-darwin)
      rake (>= 13)
    google-protobuf (4.26.1-x86_64-linux)
      rake (>= 13)
    html-pipeline (2.14.3)
      activesupport (>= 2)
      nokogiri (>= 1.4)
    http_parser.rb (0.8.0)
    i18n (1.14.4)
      concurrent-ruby (~> 1.0)
    jekyll (4.3.3)
      addressable (~> 2.4)
      colorator (~> 1.0)
      em-websocket (~> 0.5)
      i18n (~> 1.0)
      jekyll-sass-converter (>= 2.0, < 4.0)
      jekyll-watch (~> 2.0)
      kramdown (~> 2.3, >= 2.3.1)
      kramdown-parser-gfm (~> 1.0)
      liquid (~> 4.0)
      mercenary (>= 0.3.6, < 0.5)
      pathutil (~> 0.9)
      rouge (>= 3.0, < 5.0)
      safe_yaml (~> 1.0)
      terminal-table (>= 1.8, < 4.0)
      webrick (~> 1.7)
    jekyll-github-metadata (2.16.1)
      jekyll (>= 3.4, < 5.0)
      octokit (>= 4, < 7, != 4.4.0)
    jekyll-octicons (19.8.0)
      jekyll (>= 3.6, < 5.0)
      octicons (= 19.8.0)
    jekyll-paginate (1.0.0)
    jekyll-relative-links (0.7.0)
      jekyll (>= 3.3, < 5.0)
    jekyll-sass-converter (3.0.0)
      sass-embedded (~> 1.54)
    jekyll-seo-tag (2.8.0)
      jekyll (>= 3.8, < 5.0)
    jekyll-theme-profile (1.9.0)
      csv (~> 3.3.0)
      jekyll (> 3.5, < 5.0)
      jekyll-github-metadata (~> 2.9)
      jekyll-octicons (~> 19.4)
      jekyll-seo-tag (~> 2.0)
      jekyll-toc (~> 0.18)
      jemoji (~> 0.11)
      kramdown-parser-gfm (~> 1.1.0)
    jekyll-toc (0.19.0)
      jekyll (>= 3.9)
      nokogiri (~> 1.12)
    jekyll-watch (2.2.1)
      listen (~> 3.0)
    jemoji (0.13.0)
      gemoji (>= 3, < 5)
      html-pipeline (~> 2.2)
      jekyll (>= 3.0, < 5.0)
    json (2.8.2)
    kramdown (2.4.0)
      rexml
    kramdown-parser-gfm (1.1.0)
      kramdown (~> 2.0)
    liquid (4.0.4)
    listen (3.9.0)
      rb-fsevent (~> 0.10, >= 0.10.3)
      rb-inotify (~> 0.9, >= 0.9.10)
    logger (1.6.1)
    mercenary (0.4.0)
    mini_portile2 (2.8.8)
    minitest (5.25.2)
    mutex_m (0.3.0)
    net-http (0.5.0)
      uri
    nokogiri (1.16.7)
      mini_portile2 (~> 2.8.2)
      racc (~> 1.4)
    nokogiri (1.16.7-aarch64-linux)
      racc (~> 1.4)
    nokogiri (1.16.7-arm-linux)
      racc (~> 1.4)
    nokogiri (1.16.7-arm64-darwin)
      racc (~> 1.4)
    nokogiri (1.16.7-x86-linux)
      racc (~> 1.4)
    nokogiri (1.16.7-x86_64-darwin)
      racc (~> 1.4)
    nokogiri (1.16.7-x86_64-linux)
      racc (~> 1.4)
    octicons (19.8.0)
    octokit (6.1.1)
      faraday (>= 1, < 3)
      sawyer (~> 0.9)
    pathutil (0.16.2)
      forwardable-extended (~> 2.6)
    public_suffix (5.0.5)
    racc (1.8.1)
    rake (13.2.1)
    rb-fsevent (0.11.2)
    rb-inotify (0.10.1)
      ffi (~> 1.0)
    rexml (3.2.6)
    rouge (4.2.1)
    safe_yaml (1.0.5)
    sass-embedded (1.74.1)
      google-protobuf (>= 3.25, < 5.0)
      rake (>= 13.0.0)
    sass-embedded (1.74.1-aarch64-linux)
      google-protobuf (>= 3.25, < 5.0)
    sass-embedded (1.74.1-aarch64-linux-android)
      google-protobuf (>= 3.25, < 5.0)
    sass-embedded (1.74.1-aarch64-linux-musl)
      google-protobuf (>= 3.25, < 5.0)
    sass-embedded (1.74.1-aarch64-mingw-ucrt)
      google-protobuf (>= 3.25, < 5.0)
    sass-embedded (1.74.1-arm-linux)
      google-protobuf (>= 3.25, < 5.0)
    sass-embedded (1.74.1-arm-linux-androideabi)
      google-protobuf (>= 3.25, < 5.0)
    sass-embedded (1.74.1-arm-linux-musleabihf)
      google-protobuf (>= 3.25, < 5.0)
    sass-embedded (1.74.1-arm64-darwin)
      google-protobuf (>= 3.25, < 5.0)
    sass-embedded (1.74.1-riscv64-linux)
      google-protobuf (>= 3.25, < 5.0)
    sass-embedded (1.74.1-riscv64-linux-android)
      google-protobuf (>= 3.25, < 5.0)
    sass-embedded (1.74.1-riscv64-linux-musl)
      google-protobuf (>= 3.25, < 5.0)
    sass-embedded (1.74.1-x86-cygwin)
      google-protobuf (>= 3.25, < 5.0)
    sass-embedded (1.74.1-x86-linux)
      google-protobuf (>= 3.25, < 5.0)
    sass-embedded (1.74.1-x86-linux-android)
      google-protobuf (>= 3.25, < 5.0)
    sass-embedded (1.74.1-x86-linux-musl)
      google-protobuf (>= 3.25, < 5.0)
    sass-embedded (1.74.1-x86-mingw-ucrt)
      google-protobuf (>= 3.25, < 5.0)
    sass-embedded (1.74.1-x86_64-cygwin)
      google-protobuf (>= 3.25, < 5.0)
    sass-embedded (1.74.1-x86_64-darwin)
      google-protobuf (>= 3.25, < 5.0)
    sass-embedded (1.74.1-x86_64-linux)
      google-protobuf (>= 3.25, < 5.0)
    sass-embedded (1.74.1-x86_64-linux-android)
      google-protobuf (>= 3.25, < 5.0)
    sass-embedded (1.74.1-x86_64-linux-musl)
      google-protobuf (>= 3.25, < 5.0)
    sawyer (0.9.2)
      addressable (>= 2.3.5)
      faraday (>= 0.17.3, < 3)
    securerandom (0.3.2)
    terminal-table (3.0.2)
      unicode-display_width (>= 1.1.1, < 3)
    tzinfo (2.0.6)
      concurrent-ruby (~> 1.0)
    unicode-display_width (2.5.0)
    uri (1.0.2)
    webrick (1.8.1)

PLATFORMS
  aarch64-linux
  aarch64-linux-android
  aarch64-linux-musl
  aarch64-mingw-ucrt
  arm-linux
  arm-linux-androideabi
  arm-linux-musleabihf
  arm64-darwin
  riscv64-linux
  riscv64-linux-android
  riscv64-linux-musl
  ruby
  x86-cygwin
  x86-linux
  x86-linux-android
  x86-linux-musl
  x86-mingw-ucrt
  x86_64-cygwin
  x86_64-darwin
  x86_64-linux
  x86_64-linux-android
  x86_64-linux-musl

DEPENDENCIES
  faraday-retry
  http_parser.rb (~> 0.6.0)
  jekyll (~> 4.3.3)
  jekyll-github-metadata
  jekyll-octicons
  jekyll-paginate (~> 1.0.0)
  jekyll-relative-links
  jekyll-seo-tag
  jekyll-theme-profile
  jekyll-toc
  jemoji
  tzinfo (>= 1, < 3)
  tzinfo-data
  wdm (~> 0.1.1)

BUNDLED WITH
   2.5.7
